GEM
  remote: http://rubygems.org/
  specs:
    ffi (1.8.1)
    haml (5.0.0)
      temple (>= 0.8.0)
      tilt
    i18n (0.6.4)
    listen (1.1.3)
      rb-fsevent (>= 0.9.3)
      rb-inotify (>= 0.9)
      rb-kqueue (>= 0.2)
    rack (1.4.1)
    rack-protection (1.2.0)
      rack
    rb-fsevent (0.9.3)
    rb-inotify (0.9.0)
      ffi (>= 0.5.0)
    rb-kqueue (0.2.0)
      ffi (>= 0.5.0)
    rerun (0.8.1)
      listen (>= 1.0.3)
    sinatra (1.3.2)
      rack (~> 1.3, >= 1.3.6)
      rack-protection (~> 1.2)
      tilt (~> 1.3, >= 1.3.3)
    temple (0.8.2)
    tilt (1.3.3)

PLATFORMS
  ruby

DEPENDENCIES
  haml
  i18n
  rb-fsevent
  rerun
  sinatra
